PATH
  remote: .
  specs:
    omniauth-microsoft-oauth2 (0.0.1)
      multi_json (~> 1.3)
      omniauth (~> 1.2)
      omniauth-oauth2 (~> 1.2)

GEM
  remote: https://rubygems.org/
  specs:
    addressable (2.7.0)
      public_suffix (>= 2.0.2, < 5.0)
    crack (0.4.5)
      rexml
    diff-lcs (1.2.5)
    faraday (1.3.0)
      faraday-net_http (~> 1.0)
      multipart-post (>= 1.2, < 3)
      ruby2_keywords
    faraday-net_http (1.0.1)
    hashdiff (1.0.1)
    hashie (3.6.0)
    json (1.8.2)
    jwt (2.2.2)
    multi_json (1.15.0)
    multi_xml (0.6.0)
    multipart-post (2.1.1)
    oauth2 (1.4.4)
      faraday (>= 0.8, < 2.0)
      jwt (>= 1.0, < 3.0)
      multi_json (~> 1.3)
      multi_xml (~> 0.5)
      rack (>= 1.2, < 3)
    omniauth (1.4.2)
      hashie (>= 1.2, < 4)
      rack (>= 1.0, < 3)
    omniauth-oauth2 (1.5.0)
      oauth2 (~> 1.1)
      omniauth (~> 1.2)
    public_suffix (4.0.6)
    rack (1.6.1)
    rack-test (0.6.3)
      rack (>= 1.0)
    rake (10.4.2)
    rexml (3.2.4)
    rspec (2.99.0)
      rspec-core (~> 2.99.0)
      rspec-expectations (~> 2.99.0)
      rspec-mocks (~> 2.99.0)
    rspec-core (2.99.2)
    rspec-expectations (2.99.2)
      diff-lcs (>= 1.1.3, < 2.0)
    rspec-mocks (2.99.3)
    ruby2_keywords (0.0.4)
    webmock (3.12.0)
      addressable (>= 2.3.6)
      crack (>= 0.3.2)
      hashdiff (>= 0.4.0, < 2.0.0)

PLATFORMS
  ruby

DEPENDENCIES
  json
  omniauth-microsoft-oauth2!
  rack-test
  rake
  rspec
  webmock
